GEM
  remote: https://rubygems.org/
  specs:
    json (2.3.0)
    le (2.6.2)
    mustermann (1.1.1)
      ruby2_keywords (~> 0.0.1)
    rack (2.2.3)
    rack-protection (2.2.0)
      rack
    ruby2_keywords (0.0.5)
    sinatra (2.2.0)
      mustermann (~> 1.0)
      rack (~> 2.2)
      rack-protection (= 2.2.0)
      tilt (~> 2.0)
    sinatra-logentries (0.0.2)
      le (>= 2.1.6)
    tilt (2.0.10)

PLATFORMS
  ruby

DEPENDENCIES
  json
  sinatra
  sinatra-logentries

RUBY VERSION
   ruby 2.6.3p62

BUNDLED WITH
   1.17.2
