GEM
  remote: https://rubygems.org/
  specs:
    json (2.3.0)
    mustermann (2.0.2)
      ruby2_keywords (~> 0.0.1)
    openssl (3.1.0)
    rack (2.2.6.4)
    rack-protection (2.2.3)
      rack
    ruby2_keywords (0.0.5)
    sinatra (2.2.3)
      mustermann (~> 2.0)
      rack (~> 2.2)
      rack-protection (= 2.2.3)
      tilt (~> 2.0)
    tilt (2.1.0)
    webrick (1.8.1)

PLATFORMS
  ruby

DEPENDENCIES
  json
  openssl (~> 3.1)
  sinatra
  webrick

RUBY VERSION
   ruby 2.7.8p225

BUNDLED WITH
   2.1.4
